FRAMEWORK: NET451
NUGET
  remote: https://www.nuget.org/api/v2
    Argu (3.7)
    Expecto (3.2)
      Argu (>= 3.2)
      FSharp.Core (>= 3.1.2.5)
      Mono.Cecil (>= 0.9.6.4)
    FSharp.Core (4.0.0.1)
    Mono.Cecil (0.9.6.4)
